GEM
  remote: https://rubygems.org/
  specs:
    coderay (1.1.3)
    ffi (1.13.1)
    method_source (1.0.0)
    pry (0.14.0)
      coderay (~> 1.1)
      method_source (~> 1.0)

PLATFORMS
  ruby

DEPENDENCIES
  ffi
  pry

BUNDLED WITH
   2.1.4
